GEM
  remote: https://rubygems.org/
  specs:
    graphql (2.0.11)
    httparty (0.20.0)
      mime-types (~> 3.0)
      multi_xml (>= 0.5.2)
    json (2.6.2)
    mime-types (3.4.1)
      mime-types-data (~> 3.2015)
    mime-types-data (3.2022.0105)
    multi_xml (0.6.0)

PLATFORMS
  ruby

DEPENDENCIES
  graphql
  httparty
  json

BUNDLED WITH
   1.17.2
