GEM
  remote: https://rubygems.org/
  specs:
    activesupport (7.1.3.2)
      base64
      bigdecimal
      concurrent-ruby (~> 1.0, >= 1.0.2)
      connection_pool (>= 2.2.5)
      drb
      i18n (>= 1.6, < 2)
      minitest (>= 5.1)
      mutex_m
      tzinfo (~> 2.0)
    base64 (0.2.0)
    bigdecimal (3.1.7)
    concurrent-ruby (1.2.3)
    connection_pool (2.4.1)
    drb (2.2.1)
    fiber-storage (1.0.0)
    graphql (2.3.21)
      base64
      fiber-storage
    graphql-client (0.21.0)
      activesupport (>= 3.0)
      graphql (>= 1.13.0)
    httparty (0.21.0)
      mini_mime (>= 1.0.0)
      multi_xml (>= 0.5.2)
    i18n (1.14.4)
      concurrent-ruby (~> 1.0)
    json (2.7.2)
    mini_mime (1.1.5)
    minitest (5.22.3)
    multi_xml (0.6.0)
    mutex_m (0.2.0)
    tzinfo (2.0.6)
      concurrent-ruby (~> 1.0)

PLATFORMS
  ruby

DEPENDENCIES
  graphql-client
  httparty
  json

BUNDLED WITH
   2.5.7
