GEM
  remote: https://rubygems.org/
  specs:
    base64 (0.1.1)
    date (3.2.2)
    graphql (2.0.11)
    httparty (0.20.0)
      mime-types (~> 3.0)
      multi_xml (>= 0.5.2)
    json (2.6.2)
    jwt (2.4.1)
    mime-types (3.4.1)
      mime-types-data (~> 3.2015)
    mime-types-data (3.2022.0105)
    multi_xml (0.6.0)
    openssl (3.0.0)
    time (0.2.0)
      date

PLATFORMS
  ruby

DEPENDENCIES
  base64
  graphql
  httparty
  json
  jwt
  openssl
  time

BUNDLED WITH
   1.17.2
